GIT
  remote: https://github.com/seryiname/Hedgehog_html
  revision: 6de23029d577690b6b1fc60fd32cc62c69797148
  branch: master
  specs:
    hedg_html (0.0.2)

GEM
  specs:

PLATFORMS
  ruby

DEPENDENCIES
  hedg_html (~> 0.0.2)

BUNDLED WITH
   2.1.2